GEM
  remote: https://rubygems.org/
  specs:
    addressable (2.3.7)
    cookiejar (0.3.2)
    em-hiredis (0.3.0)
      eventmachine (~> 1.0)
      hiredis (~> 0.5.0)
    em-http-request (1.1.2)
      addressable (>= 2.3.4)
      cookiejar
      em-socksify (>= 0.3)
      eventmachine (>= 1.0.3)
      http_parser.rb (>= 0.6.0)
    em-socksify (0.3.0)
      eventmachine (>= 1.0.0.beta.4)
    eventmachine (1.0.7)
    faraday (0.9.1)
      multipart-post (>= 1.2, < 3)
    faye-websocket (0.9.2)
      eventmachine (>= 0.12.0)
      websocket-driver (>= 0.5.1)
    firehose (1.2.0)
      em-hiredis (>= 0.2.0)
      em-http-request (>= 1.0.0)
      eventmachine (>= 1.0.0)
      faraday
      faye-websocket
      json
      thor
    hiredis (0.5.2)
    http_parser.rb (0.6.0)
    json (1.8.2)
    kgio (2.9.3)
    multipart-post (2.0.0)
    rack (1.6.0)
    rainbows (4.6.2)
      kgio (~> 2.5)
      rack (~> 1.1)
      unicorn (~> 4.8)
    raindrops (0.13.0)
    thor (0.19.1)
    unicorn (4.8.3)
      kgio (~> 2.6)
      rack
      raindrops (~> 0.7)
    websocket-driver (0.5.3)
      websocket-extensions (>= 0.1.0)
    websocket-extensions (0.1.2)

PLATFORMS
  ruby

DEPENDENCIES
  firehose (= 1.2)
  rainbows
